GIT
  remote: https://github.com/bisscomm/refinerycms-image-slideshows
  revision: 51a5584cd920c33a5884052f5e5b638658c9af43
  branch: master
  specs:
    refinerycms-image_slideshows (3.0.0)
      acts_as_indexed (~> 0.8.0)
      globalize (>= 4.0.0, < 5.2)
      refinerycms-core (~> 3.0.0)
      refinerycms-images (~> 3.0.0)

GIT
  remote: https://github.com/plataformatec/devise
  revision: fb48336709bc1a29ff15b7170ed7b33906c66888
  branch: 3-stable
  specs:
    devise (3.5.10)
      bcrypt (~> 3.0)
      orm_adapter (~> 0.1)
      railties (>= 3.2.6, < 5)
      responders
      thread_safe (~> 0.1)
      warden (~> 1.2.3)

PATH
  remote: vendor/extensions
  specs:
    refinerycms-backlists (1.0)
      acts_as_indexed (~> 0.8.0)
      refinerycms-core (~> 3.0.0)

GEM
  remote: https://rubygems.org/
  specs:
    actionmailer (4.2.11.3)
      actionpack (= 4.2.11.3)
      actionview (= 4.2.11.3)
      activejob (= 4.2.11.3)
      mail (~> 2.5, >= 2.5.4)
      rails-dom-testing (~> 1.0, >= 1.0.5)
    actionpack (4.2.11.3)
      actionview (= 4.2.11.3)
      activesupport (= 4.2.11.3)
      rack (~> 1.6)
      rack-test (~> 0.6.2)
      rails-dom-testing (~> 1.0, >= 1.0.5)
      rails-html-sanitizer (~> 1.0, >= 1.0.2)
    actionview (4.2.11.3)
      activesupport (= 4.2.11.3)
      builder (~> 3.1)
      erubis (~> 2.7.0)
      rails-dom-testing (~> 1.0, >= 1.0.5)
      rails-html-sanitizer (~> 1.0, >= 1.0.3)
    activejob (4.2.11.3)
      activesupport (= 4.2.11.3)
      globalid (>= 0.3.0)
    activemodel (4.2.11.3)
      activesupport (= 4.2.11.3)
      builder (~> 3.1)
    activerecord (4.2.11.3)
      activemodel (= 4.2.11.3)
      activesupport (= 4.2.11.3)
      arel (~> 6.0)
    activesupport (4.2.11.3)
      i18n (~> 0.7)
      minitest (~> 5.1)
      thread_safe (~> 0.3, >= 0.3.4)
      tzinfo (~> 1.1)
    acts_as_indexed (0.8.3)
    addressable (2.8.1)
      public_suffix (>= 2.0.2, < 6.0)
    airbrussh (1.4.0)
      sshkit (>= 1.6.1, != 1.7.0)
    arel (6.0.4)
    awesome_nested_set (3.0.3)
      activerecord (>= 4.0.0, < 5)
    babosa (1.0.3)
    bcrypt (3.1.16)
    builder (3.2.4)
    byebug (11.1.3)
    capistrano (3.14.1)
      airbrussh (>= 1.0.0)
      i18n
      rake (>= 10.0.0)
      sshkit (>= 1.9.0)
    capistrano-bundler (1.6.0)
      capistrano (~> 3.1)
    capistrano-passenger (0.2.0)
      capistrano (~> 3.0)
    capistrano-rails (1.5.0)
      capistrano (~> 3.1)
      capistrano-bundler (~> 1.1)
    capistrano-rbenv (2.1.6)
      capistrano (~> 3.1)
      sshkit (~> 1.3)
    coffee-rails (4.2.2)
      coffee-script (>= 2.2.0)
      railties (>= 4.0.0)
    coffee-script (2.4.1)
      coffee-script-source
      execjs
    coffee-script-source (1.12.2)
    concurrent-ruby (1.1.7)
    crass (1.0.6)
    debug_inspector (0.0.3)
    decorators (2.0.5)
      railties (>= 4.0.0, < 7)
    diffy (3.1.0)
    dragonfly (1.1.5)
      addressable (~> 2.3)
      multi_json (~> 1.0)
      rack (>= 1.3)
    dragonfly-s3_data_store (1.3.0)
      dragonfly (~> 1.0)
      fog-aws
    erubis (2.7.0)
    excon (0.75.0)
    execjs (2.7.0)
    ffi (1.13.1)
    filters_spam (0.5)
    fog-aws (3.6.6)
      fog-core (~> 2.1)
      fog-json (~> 1.1)
      fog-xml (~> 0.1)
      ipaddress (~> 0.8)
    fog-core (2.2.0)
      builder
      excon (~> 0.71)
      formatador (~> 0.2)
      mime-types
    fog-json (1.2.0)
      fog-core
      multi_json (~> 1.10)
    fog-xml (0.1.3)
      fog-core
      nokogiri (>= 1.5.11, < 2.0.0)
    font-awesome-sass (4.7.0)
      sass (>= 3.2)
    formatador (0.2.5)
    friendly_id (5.1.0)
      activerecord (>= 4.0.0)
    globalid (0.4.2)
      activesupport (>= 4.2.0)
    globalize (5.1.0)
      activemodel (>= 4.2, < 5.2)
      activerecord (>= 4.2, < 5.2)
      request_store (~> 1.0)
    httpclient (2.8.3)
    i18n (0.9.5)
      concurrent-ruby (~> 1.0)
    ipaddress (0.8.3)
    jbuilder (2.9.1)
      activesupport (>= 4.2.0)
    jquery-rails (4.4.0)
      rails-dom-testing (>= 1, < 3)
      railties (>= 4.2.0)
      thor (>= 0.14, < 2.0)
    jquery-ui-rails (5.0.5)
      railties (>= 3.2.16)
    loofah (2.7.0)
      crass (~> 1.0.2)
      nokogiri (>= 1.5.9)
    mail (2.7.1)
      mini_mime (>= 0.1.1)
    mime-types (3.3.1)
      mime-types-data (~> 3.2015)
    mime-types-data (3.2020.0512)
    mini_mime (1.0.2)
    mini_portile2 (2.4.0)
    minitest (5.14.2)
    multi_json (1.14.1)
    net-scp (3.0.0)
      net-ssh (>= 2.6.5, < 7.0.0)
    net-ssh (6.1.0)
    nio4r (2.5.2)
    nivo-rails (1.0.1)
    nokogiri (1.10.10)
      mini_portile2 (~> 2.4.0)
    orm_adapter (0.5.0)
    owlcarousel-rails (1.1.3.3)
      jquery-rails
    pg (0.21.0)
    public_suffix (5.0.0)
    puma (4.3.5)
      nio4r (~> 2.0)
    quiet_assets (1.1.0)
      railties (>= 3.1, < 5.0)
    rack (1.6.13)
    rack-test (0.6.3)
      rack (>= 1.0)
    rails (4.2.11.3)
      actionmailer (= 4.2.11.3)
      actionpack (= 4.2.11.3)
      actionview (= 4.2.11.3)
      activejob (= 4.2.11.3)
      activemodel (= 4.2.11.3)
      activerecord (= 4.2.11.3)
      activesupport (= 4.2.11.3)
      bundler (>= 1.3.0, < 2.0)
      railties (= 4.2.11.3)
      sprockets-rails
    rails-deprecated_sanitizer (1.0.3)
      activesupport (>= 4.2.0.alpha)
    rails-dom-testing (1.0.9)
      activesupport (>= 4.2.0, < 5.0)
      nokogiri (~> 1.6)
      rails-deprecated_sanitizer (>= 1.0.1)
    rails-html-sanitizer (1.3.0)
      loofah (~> 2.3)
    rails-i18n (4.0.9)
      i18n (~> 0.7)
      railties (~> 4.0)
    railties (4.2.11.3)
      actionpack (= 4.2.11.3)
      activesupport (= 4.2.11.3)
      rake (>= 0.8.7)
      thor (>= 0.18.1, < 2.0)
    rake (13.0.1)
    rb-fsevent (0.10.4)
    rb-inotify (0.10.1)
      ffi (~> 1.0)
    rdoc (6.2.1)
    refinerycms (3.0.6)
      refinerycms-core (= 3.0.6)
      refinerycms-images (= 3.0.6)
      refinerycms-pages (= 3.0.6)
      refinerycms-resources (= 3.0.6)
    refinerycms-acts-as-indexed (2.0.1)
      acts_as_indexed (~> 0.8.0)
      decorators (~> 2.0.0)
      refinerycms-core (~> 3.0.0)
    refinerycms-authentication-devise (1.0.4)
      actionmailer (~> 4.2, >= 4.2.0)
      devise (~> 3.0, >= 3.2.4)
      friendly_id (~> 5.1.0)
      refinerycms-core (~> 3.0, >= 3.0.0)
    refinerycms-core (3.0.6)
      actionpack (>= 4.2.3, < 5.0)
      activerecord (>= 4.2.3, < 5.0)
      awesome_nested_set (~> 3.0.0)
      coffee-rails (~> 4.0, >= 4.0.0)
      decorators (~> 2.0.0)
      font-awesome-sass (>= 4.3.0, < 5.0)
      jquery-rails (>= 2.3.0)
      jquery-ui-rails (~> 5.0.0)
      railties (>= 4.2.3, < 5.0)
      refinerycms-i18n (~> 3.0.0)
      sass-rails (>= 4.0, < 5.1)
      truncate_html (~> 0.9)
      will_paginate (~> 3.0.2)
      zilch-authorisation
    refinerycms-i18n (3.0.2)
      rails-i18n (~> 4.0.1)
      routing-filter (>= 0.4.0)
    refinerycms-images (3.0.6)
      dragonfly (~> 1.1.0)
      globalize (>= 4.0.0, < 5.2)
      refinerycms-core (= 3.0.6)
    refinerycms-inquiries (3.1.0)
      actionmailer (~> 4.2.4)
      filters_spam (~> 0.2)
      httpclient
      refinerycms-core (~> 3.0.0)
      refinerycms-settings (~> 3.0.0)
    refinerycms-pages (3.0.6)
      awesome_nested_set (~> 3.0.0)
      babosa (!= 0.3.6)
      diffy (~> 3.1.0)
      friendly_id (>= 5.1.0, < 5.3)
      globalize (>= 4.0.0, < 5.2)
      refinerycms-core (= 3.0.6)
      seo_meta (~> 2.0.0.rc.1)
      speakingurl-rails (~> 8.0.0)
    refinerycms-resources (3.0.6)
      acts_as_indexed (~> 0.8.0)
      dragonfly (~> 1.1.0)
      globalize (>= 4.0.0, < 5.2)
      refinerycms-core (= 3.0.6)
    refinerycms-settings (3.0.0)
      friendly_id (~> 5.0, >= 5.0.1)
      refinerycms-core (~> 3.0, >= 3.0.0)
    refinerycms-wymeditor (1.1.0)
      refinerycms-core (>= 3.0.0, < 5.0)
    request_store (1.5.0)
      rack (>= 1.4)
    responders (2.4.1)
      actionpack (>= 4.2.0, < 6.0)
      railties (>= 4.2.0, < 6.0)
    routing-filter (0.6.3)
      actionpack (>= 4.2)
      activesupport (>= 4.2)
    sass (3.7.4)
      sass-listen (~> 4.0.0)
    sass-listen (4.0.0)
      rb-fsevent (~> 0.9, >= 0.9.4)
      rb-inotify (~> 0.9, >= 0.9.7)
    sass-rails (5.0.7)
      railties (>= 4.0.0, < 6)
      sass (~> 3.1)
      sprockets (>= 2.8, < 4.0)
      sprockets-rails (>= 2.0, < 4.0)
      tilt (>= 1.1, < 3)
    sdoc (1.1.0)
      rdoc (>= 5.0)
    seo_meta (2.0.1)
      railties (>= 3.0.0)
    speakingurl-rails (8.0.2)
      railties (>= 3.1)
    spring (2.1.0)
    sprockets (3.7.2)
      concurrent-ruby (~> 1.0)
      rack (> 1, < 3)
    sprockets-rails (3.2.1)
      actionpack (>= 4.0)
      activesupport (>= 4.0)
      sprockets (>= 3.0.0)
    sshkit (1.21.0)
      net-scp (>= 1.1.2)
      net-ssh (>= 2.8.0)
    thor (1.0.1)
    thread_safe (0.3.6)
    tilt (2.0.10)
    truncate_html (0.9.3)
    turbolinks (5.2.1)
      turbolinks-source (~> 5.2)
    turbolinks-source (5.2.0)
    tzinfo (1.2.7)
      thread_safe (~> 0.1)
    uglifier (4.2.0)
      execjs (>= 0.3.0, < 3)
    warden (1.2.7)
      rack (>= 1.0)
    web-console (3.3.0)
      activemodel (>= 4.2)
      debug_inspector
      railties (>= 4.2)
    will_paginate (3.0.12)
    zilch-authorisation (0.0.1)

PLATFORMS
  ruby

DEPENDENCIES
  bcrypt (~> 3.1.12)
  byebug
  capistrano-passenger
  capistrano-rails
  capistrano-rbenv
  coffee-rails (~> 4.1)
  devise!
  dragonfly-s3_data_store
  jbuilder (~> 2.0)
  jquery-rails
  nivo-rails
  owlcarousel-rails (= 1.1.3.3)
  pg (~> 0.21)
  puma
  quiet_assets
  rails (= 4.2.11.3)
  refinerycms
  refinerycms-acts-as-indexed (~> 2.0, >= 2.0.0)
  refinerycms-authentication-devise (~> 1.0)
  refinerycms-backlists!
  refinerycms-image_slideshows!
  refinerycms-inquiries (~> 3.0)
  refinerycms-wymeditor (~> 1.0, >= 1.0.6)
  sass-rails (~> 5.0)
  sdoc (~> 1.0)
  spring
  turbolinks
  uglifier (>= 1.3.0)
  web-console (~> 3.0)

BUNDLED WITH
   1.17.3
